GEM
  specs:
    addressable (2.5.2)
      public_suffix (>= 2.0.2, < 4.0)
    allure-rspec (0.7.7)
      allure-ruby-adaptor-api (= 0.6.10)
      rspec (~> 3.2)
    allure-ruby-adaptor-api (0.6.10)
      mimemagic
      nokogiri (~> 1.6.0)
      uuid
    capybara (2.16.1)
      addressable
      mini_mime (>= 0.1.3)
      nokogiri (>= 1.3.3)
      rack (>= 1.0.0)
      rack-test (>= 0.5.4)
      xpath (~> 2.0)
    childprocess (0.8.0)
      ffi (~> 1.0, >= 1.0.11)
    colorize (0.8.1)
    diff-lcs (1.3)
    faraday (0.13.1)
      multipart-post (>= 1.2, < 3)
    ffi (1.9.18)
    macaddr (1.7.1)
      systemu (~> 2.6.2)
    mimemagic (0.3.2)
    mini_mime (0.1.4)
    mini_portile2 (2.1.0)
    multipart-post (2.0.0)
    nokogiri (1.6.8.1)
      mini_portile2 (~> 2.1.0)
    public_suffix (3.0.0)
    rack (2.0.3)
    rack-test (0.7.0)
      rack (>= 1.0, < 3)
    rspec (3.7.0)
      rspec-core (~> 3.7.0)
      rspec-expectations (~> 3.7.0)
      rspec-mocks (~> 3.7.0)
    rspec-core (3.7.0)
      rspec-support (~> 3.7.0)
    rspec-expectations (3.7.0)
      diff-lcs (>= 1.2.0, < 2.0)
      rspec-support (~> 3.7.0)
    rspec-mocks (3.7.0)
      diff-lcs (>= 1.2.0, < 2.0)
      rspec-support (~> 3.7.0)
    rspec-support (3.7.0)
    rubyzip (1.2.1)
    selenium-webdriver (3.8.0)
      childprocess (~> 0.5)
      rubyzip (~> 1.0)
    systemu (2.6.5)
    uuid (2.3.8)
      macaddr (~> 1.0)
    xpath (2.1.0)
      nokogiri (~> 1.3)

PLATFORMS
  ruby

DEPENDENCIES
  allure-rspec
  capybara
  colorize
  faraday
  nokogiri
  rspec
  selenium-webdriver

BUNDLED WITH
   1.16.0
